GEM
  remote: http://rubygems.org/
  specs:
    haml (3.0.22)
    rack (1.2.1)
    rake (0.8.7)
    sinatra (1.0)
      rack (>= 1.0)

PLATFORMS
  ruby

DEPENDENCIES
  haml
  rake
  sinatra
